GEM
  remote: https://rubygems.org/
  specs:
    blankslate (2.1.2.4)
    classifier-reborn (2.0.4)
      fast-stemmer (~> 1.0)
    coffee-script (2.4.1)
      coffee-script-source
      execjs
    coffee-script-source (1.9.1.1)
    colorator (0.1)
    dimensions (1.3.0)
    execjs (2.4.0)
    fast-stemmer (1.0.2)
    ffi (1.9.6)
    jekyll (2.5.3)
      classifier-reborn (~> 2.0)
      colorator (~> 0.1)
      jekyll-coffeescript (~> 1.0)
      jekyll-gist (~> 1.0)
      jekyll-paginate (~> 1.0)
      jekyll-sass-converter (~> 1.0)
      jekyll-watch (~> 1.1)
      kramdown (~> 1.3)
      liquid (~> 2.6.1)
      mercenary (~> 0.3.3)
      pygments.rb (~> 0.6.0)
      redcarpet (~> 3.1)
      safe_yaml (~> 1.0)
      toml (~> 0.1.0)
    jekyll-coffeescript (1.0.1)
      coffee-script (~> 2.2)
    jekyll-gist (1.1.0)
    jekyll-paginate (1.1.0)
    jekyll-sass-converter (1.0.0)
      sass (~> 3.2)
    jekyll-watch (1.3.0)
      listen (~> 3.0)
    kramdown (1.8.0)
    liquid (2.6.3)
    listen (3.0.3)
      rb-inotify (>= 0.9)
    mercenary (0.3.5)
    parslet (1.5.0)
      blankslate (~> 2.0)
    posix-spawn (0.3.9)
    pygments.rb (0.6.3)
      posix-spawn (~> 0.3.6)
      yajl-ruby (~> 1.2.0)
    rake (10.1.0)
    rb-inotify (0.9.5)
      ffi (>= 0.5.0)
    redcarpet (3.2.3)
    rmagick (2.15.4)
    safe_yaml (1.0.4)
    sass (3.4.16)
    toml (0.1.2)
      parslet (~> 1.5.0)
    yajl-ruby (1.2.0)

PLATFORMS
  ruby

DEPENDENCIES
  dimensions
  jekyll
  jekyll-paginate
  rake
  rmagick

BUNDLED WITH
   1.10.6
